GEM
  remote: https://rubygems.org/
  specs:
    foreman (0.61.0)
      thor (>= 0.13.6)
    iron_cache (1.4.0)
      iron_core (>= 0.5.1)
    iron_core (0.5.1)
      rest (>= 2.2.0)
    kgio (2.8.0)
    mime-types (1.19)
    net-http-persistent (2.8)
    rack (1.5.1)
    rack-protection (1.3.2)
      rack
    raindrops (0.10.0)
    rest (2.2.0)
      net-http-persistent
      rest-client (>= 0.3.0)
    rest-client (1.6.7)
      mime-types (>= 1.16)
    sinatra (1.3.4)
      rack (~> 1.4)
      rack-protection (~> 1.3)
      tilt (~> 1.3, >= 1.3.3)
    thor (0.17.0)
    tilt (1.3.3)
    unicorn (4.5.0)
      kgio (~> 2.6)
      rack
      raindrops (~> 0.7)

PLATFORMS
  ruby

DEPENDENCIES
  foreman
  iron_cache
  sinatra
  unicorn
